GEM
  remote: http://rubygems.org/
  specs:
    ParseTree (3.0.6)
      RubyInline (>= 3.7.0)
      sexp_processor (>= 3.0.0)
    RubyInline (3.8.6)
      ZenTest (~> 4.3)
    ZenTest (4.4.0)
    diff (0.3.6)
    diff-lcs (1.1.2)
    minitest (1.7.1)
    predicated (0.2.0)
    rspec (1.3.0)
    ruby2ruby (1.2.5)
      ruby_parser (~> 2.0)
      sexp_processor (~> 3.0)
    ruby_parser (2.0.5)
      sexp_processor (~> 3.0)
    sexp_processor (3.0.5)
    test-unit (2.1.1)

PLATFORMS
  ruby

DEPENDENCIES
  ParseTree
  diff
  diff-lcs
  minitest
  predicated (~> 0.2)
  rspec (~> 1)
  ruby2ruby
  ruby_parser
  test-unit
