GEM
  remote: http://rubygems.org/
  specs:
    ParseTree (3.0.5)
      RubyInline (>= 3.7.0)
      sexp_processor (>= 3.0.0)
    RubyInline (3.8.4)
      ZenTest
    ZenTest (4.3.3)
    diff (0.3.6)
    diff-lcs (1.1.2)
    minitest (1.7.0)
    ruby2ruby (1.2.4)
      ruby_parser (~> 2.0)
      sexp_processor (~> 3.0)
    ruby_parser (2.0.4)
      sexp_processor (~> 3.0)
    sexp_processor (3.0.4)
    test-unit (2.1.1)

PLATFORMS
  ruby

DEPENDENCIES
  ParseTree
  diff
  diff-lcs
  minitest
  ruby2ruby
  ruby_parser
  test-unit
