GEM
  remote: http://rubygems.org/
  specs:
    ParseTree (3.0.6)
      RubyInline (>= 3.7.0)
      sexp_processor (>= 3.0.0)
    RubyInline (3.8.6)
      ZenTest (~> 4.3)
    ZenTest (4.4.0)
    diff (0.3.6)
    diff-lcs (1.1.2)
    file-tail (1.0.5)
      spruz (>= 0.1.0)
    minitest (1.7.1)
    predicated (0.2.1)
    rspec (1.3.0)
    ruby2ruby (1.2.5)
      ruby_parser (~> 2.0)
      sexp_processor (~> 3.0)
    ruby_parser (2.0.5)
      sexp_processor (~> 3.0)
    sexp_processor (3.0.5)
    sourcify (0.3.0)
      ruby2ruby (>= 1.2.5)
    spruz (0.1.5)
    test-unit (2.1.1)

PLATFORMS
  java
  ruby

DEPENDENCIES
  ParseTree
  diff
  diff-lcs
  file-tail (~> 1.0)
  minitest
  predicated (~> 0.2.1)
  rspec (~> 1)
  ruby2ruby
  ruby_parser
  sexp_processor
  sourcify (~> 0.3.0)
  test-unit
